GEM
  remote: https://rubygems.org/
  specs:
    actionmailer (2.1.2)
      actionpack (= 2.1.2)
    actionpack (2.1.2)
      activesupport (= 2.1.2)
    activerecord (2.1.2)
      activesupport (= 2.1.2)
    activeresource (2.1.2)
      activesupport (= 2.1.2)
    activesupport (2.1.2)
    mysql (2.8.1)
    rails (2.1.2)
      actionmailer (= 2.1.2)
      actionpack (= 2.1.2)
      activerecord (= 2.1.2)
      activeresource (= 2.1.2)
      activesupport (= 2.1.2)
      rake (>= 0.8.1)
    rake (10.5.0)
    rdoc (3.9.2)

PLATFORMS
  ruby

DEPENDENCIES
  mysql (= 2.8.1)
  rails (= 2.1.2)
  rake (= 10.5.0)
  rdoc (= 3.9.2)
