GEM
  remote: https://rubygems.org/
  specs:
    actionmailer (2.2.3)
      actionpack (= 2.2.3)
    actionpack (2.2.3)
      activesupport (= 2.2.3)
    activerecord (2.2.3)
      activesupport (= 2.2.3)
    activeresource (2.2.3)
      activesupport (= 2.2.3)
    activesupport (2.2.3)
    mysql (2.8.1)
    rails (2.2.3)
      actionmailer (= 2.2.3)
      actionpack (= 2.2.3)
      activerecord (= 2.2.3)
      activeresource (= 2.2.3)
      activesupport (= 2.2.3)
      rake (>= 0.8.3)
    rake (10.5.0)
    rdoc (3.9.2)

PLATFORMS
  ruby

DEPENDENCIES
  mysql (= 2.8.1)
  rails (= 2.2.3)
  rake (= 10.5.0)
  rdoc (= 3.9.2)

BUNDLED WITH
   1.15.4
